GEM
  remote: https://rubygems.org/
  specs:
    ffi (1.9.8)
    nice-ffi (0.4)
      ffi (>= 0.5.0)
    ruby-sdl-ffi (0.4)
      nice-ffi (>= 0.2)

PLATFORMS
  ruby

DEPENDENCIES
  ruby-sdl-ffi
